GEM
  remote: https://rubygems.org/
  specs:
    activesupport (6.1.7.1)
      concurrent-ruby (~> 1.0, >= 1.0.2)
      i18n (>= 1.6, < 2)
      minitest (>= 5.1)
      tzinfo (~> 2.0)
      zeitwerk (~> 2.3)
    coderay (1.0.8)
    concurrent-ruby (1.1.10)
    diff-lcs (1.1.3)
    gabba (1.0.1)
    guard (1.6.1)
      listen (>= 0.6.0)
      lumberjack (>= 1.0.2)
      pry (>= 0.9.10)
      thor (>= 0.14.6)
    guard-rspec (2.3.3)
      guard (>= 1.1)
      rspec (~> 2.11)
    i18n (1.12.0)
      concurrent-ruby (~> 1.0)
    listen (0.7.2)
    lumberjack (1.0.2)
    method_source (0.8.1)
    mini_portile2 (2.4.0)
    minitest (5.15.0)
    nio4r (2.5.2)
    nokogiri (1.10.4)
      mini_portile2 (~> 2.4.0)
    pry (0.9.10)
      coderay (~> 1.0.5)
      method_source (~> 0.8)
      slop (~> 3.3.1)
    puma (4.3.1)
      nio4r (~> 2.0)
    rack (2.0.7)
    redis (3.0.2)
    rspec (2.12.0)
      rspec-core (~> 2.12.0)
      rspec-expectations (~> 2.12.0)
      rspec-mocks (~> 2.12.0)
    rspec-core (2.12.2)
    rspec-expectations (2.12.1)
      diff-lcs (~> 1.1.3)
    rspec-mocks (2.12.1)
    ruby-fsevent (0.2.1)
    slop (3.3.3)
    thor (0.16.0)
    tzinfo (2.0.5)
      concurrent-ruby (~> 1.0)
    zeitwerk (2.6.6)

PLATFORMS
  ruby

DEPENDENCIES
  activesupport
  gabba
  guard-rspec
  nokogiri
  puma
  rack
  redis
  rspec
  ruby-fsevent

RUBY VERSION
   ruby 2.5.7p206

BUNDLED WITH
   1.17.3
